GEM
  remote: https://rubygems.org/
  specs:
    bcrypt (3.1.12)
    bigdecimal (1.3.5)
    bindata (2.4.3)
    daemons (1.2.6)
    eventmachine (1.2.7)
    innate (2015.10.28)
      rack (~> 1.6.4)
    mail (2.7.0)
      mini_mime (>= 0.1.1)
    mini_mime (1.0.0)
    mysql2 (0.5.1)
    pony (1.12)
      mail (>= 2.0)
    rack (1.6.10)
    rake (12.3.1)
    ramaze (2012.12.08)
      innate (>= 2012.12)
      rake
    sequel (5.9.0)
    thin (1.7.2)
      daemons (~> 1.0, >= 1.0.9)
      eventmachine (~> 1.0, >= 1.0.4)
      rack (>= 1, < 3)

PLATFORMS
  ruby

DEPENDENCIES
  bcrypt
  bigdecimal
  bindata
  mysql2
  pony
  rake
  ramaze (>= 2.0.0)
  sequel
  thin

RUBY VERSION
   ruby 2.1.10p492

BUNDLED WITH
   1.16.2
