GEM
  remote: http://rubygems.org/
  specs:
    bcrypt (3.1.7)
    innate (2013.02.21)
      rack (~> 1.5.2)
    mysql2 (0.3.16)
    rack (1.5.2)
    rake (10.1.0)
    ramaze (2012.12.08)
      innate (>= 2012.12)
      rake
    sequel (4.15.0)

PLATFORMS
  ruby

DEPENDENCIES
  bcrypt
  mysql2
  rake
  ramaze (>= 2.0.0)
  sequel
